GIT
  remote: https://github.com/meschbach/curses
  revision: 92a8ae56b467cc0cdf1625d39d731484d8bc6348
  specs:
    curses (1.2.4)

PATH
  remote: .
  specs:
    mee-tui (0.1.0)
      curses

GEM
  remote: https://rubygems.org/
  specs:
    diff-lcs (1.3)
    rake (10.5.0)
    rspec (3.6.0)
      rspec-core (~> 3.6.0)
      rspec-expectations (~> 3.6.0)
      rspec-mocks (~> 3.6.0)
    rspec-core (3.6.0)
      rspec-support (~> 3.6.0)
    rspec-expectations (3.6.0)
      diff-lcs (>= 1.2.0, < 2.0)
      rspec-support (~> 3.6.0)
    rspec-mocks (3.6.0)
      diff-lcs (>= 1.2.0, < 2.0)
      rspec-support (~> 3.6.0)
    rspec-support (3.6.0)

PLATFORMS
  ruby

DEPENDENCIES
  bundler (~> 1.15)
  curses!
  mee-tui!
  rake (~> 10.0)
  rspec (~> 3.0)

BUNDLED WITH
   1.15.4
